GEM
  remote: https://rubygems.org/
  specs:
    darkmouun (1.0.4)
      htmlbeautifier
      kramdown
      mustache
    htmlbeautifier (1.3.1)
    kramdown (2.3.0)
      rexml
    mustache (1.1.1)
    rexml (3.2.4)

PLATFORMS
  ruby

DEPENDENCIES
  darkmouun
  mustache

BUNDLED WITH
   2.1.4
