PATH
  remote: .
  specs:
    zine_brewer (1.6.0)
      darkmouun
      mustache

GEM
  remote: https://rubygems.org/
  specs:
    darkmouun (1.0.4)
      htmlbeautifier
      kramdown
      mustache
    htmlbeautifier (1.3.1)
    kramdown (2.3.0)
      rexml
    mustache (1.1.1)
    rake (12.3.3)
    rexml (3.2.4)

PLATFORMS
  ruby

DEPENDENCIES
  rake (~> 12.0)
  zine_brewer!

BUNDLED WITH
   2.2.14
